GIT
  remote: https://github.com/ErwinM/acts_as_tenant.git
  revision: 1ba28d1354848fd422603efa343b145bae5c5fdf
  specs:
    acts_as_tenant (0.4.4)
      rails (>= 4.0)
      request_store (>= 1.0.5)

GIT
  remote: https://github.com/excid3/administrate.git
  revision: 66fccf11506dd5fce07698cc4c4d4faf46962ad5
  branch: jumpstart
  specs:
    administrate (0.13.0)
      actionpack (>= 4.2)
      actionview (>= 4.2)
      activerecord (>= 4.2)
      autoprefixer-rails (>= 6.0)
      datetime_picker_rails (~> 0.0.7)
      jquery-rails (>= 4.0)
      kaminari (>= 1.0)
      momentjs-rails (~> 2.8)
      sassc-rails (~> 2.1)
      selectize-rails (~> 0.6)

GIT
  remote: https://github.com/excid3/devise_masquerade.git
  revision: 7b76df52ae61c938cef48ec54dde5221e9cc8609
  specs:
    devise_masquerade (1.2.0)
      devise (>= 4.7.0)
      globalid (>= 0.3.6)
      railties (>= 5.2.0)

GIT
  remote: https://github.com/omniauth/omniauth.git
  revision: fce9e23dd4ed33c275485a43b9cc18c1412db9a9
  specs:
    omniauth (1.9.1)
      hashie (>= 3.4.6)
      rack (>= 1.6.2, < 3)

GIT
  remote: https://github.com/rubysec/bundler-audit.git
  revision: 31dc79b67e81115b3b9221ec621c30a90fd5c898
  specs:
    bundler-audit (0.6.1)
      bundler (>= 1.2.0, < 3)
      thor (>= 0.18, < 2)

PATH
  remote: lib/jumpstart
  specs:
    jumpstart (0.1.0)
      rails (>= 5.2.1)

GEM
  remote: https://rubygems.org/
  specs:
    actioncable (6.0.3.1)
      actionpack (= 6.0.3.1)
      nio4r (~> 2.0)
      websocket-driver (>= 0.6.1)
    actionmailbox (6.0.3.1)
      actionpack (= 6.0.3.1)
      activejob (= 6.0.3.1)
      activerecord (= 6.0.3.1)
      activestorage (= 6.0.3.1)
      activesupport (= 6.0.3.1)
      mail (>= 2.7.1)
    actionmailer (6.0.3.1)
      actionpack (= 6.0.3.1)
      actionview (= 6.0.3.1)
      activejob (= 6.0.3.1)
      mail (~> 2.5, >= 2.5.4)
      rails-dom-testing (~> 2.0)
    actionpack (6.0.3.1)
      actionview (= 6.0.3.1)
      activesupport (= 6.0.3.1)
      rack (~> 2.0, >= 2.0.8)
      rack-test (>= 0.6.3)
      rails-dom-testing (~> 2.0)
      rails-html-sanitizer (~> 1.0, >= 1.2.0)
    actiontext (6.0.3.1)
      actionpack (= 6.0.3.1)
      activerecord (= 6.0.3.1)
      activestorage (= 6.0.3.1)
      activesupport (= 6.0.3.1)
      nokogiri (>= 1.8.5)
    actionview (6.0.3.1)
      activesupport (= 6.0.3.1)
      builder (~> 3.1)
      erubi (~> 1.4)
      rails-dom-testing (~> 2.0)
      rails-html-sanitizer (~> 1.1, >= 1.2.0)
    activejob (6.0.3.1)
      activesupport (= 6.0.3.1)
      globalid (>= 0.3.6)
    activemodel (6.0.3.1)
      activesupport (= 6.0.3.1)
    activerecord (6.0.3.1)
      activemodel (= 6.0.3.1)
      activesupport (= 6.0.3.1)
    activestorage (6.0.3.1)
      actionpack (= 6.0.3.1)
      activejob (= 6.0.3.1)
      activerecord (= 6.0.3.1)
      marcel (~> 0.3.1)
    activesupport (6.0.3.1)
      concurrent-ruby (~> 1.0, >= 1.0.2)
      i18n (>= 0.7, < 2)
      minitest (~> 5.1)
      tzinfo (~> 1.1)
      zeitwerk (~> 2.2, >= 2.2.2)
    addressable (2.7.0)
      public_suffix (>= 2.0.2, < 5.0)
    administrate-field-active_storage (0.3.3)
      administrate (>= 0.2.2)
      rails (>= 6.0)
    annotate (3.1.1)
      activerecord (>= 3.2, < 7.0)
      rake (>= 10.4, < 14.0)
    ast (2.4.0)
    attr_encrypted (3.1.0)
      encryptor (~> 3.0.0)
    autoprefixer-rails (9.7.6)
      execjs
    bcrypt (3.1.13)
    bindex (0.8.1)
    bootsnap (1.4.6)
      msgpack (~> 1.0)
    brakeman (4.8.2)
    builder (3.2.4)
    byebug (11.1.3)
    capybara (3.32.2)
      addressable
      mini_mime (>= 0.1.3)
      nokogiri (~> 1.8)
      rack (>= 1.6.0)
      rack-test (>= 0.6.3)
      regexp_parser (~> 1.5)
      xpath (~> 3.2)
    childprocess (3.0.0)
    chronic (0.10.2)
    coderay (1.1.2)
    concurrent-ruby (1.1.6)
    crass (1.0.6)
    datetime_picker_rails (0.0.7)
      momentjs-rails (>= 2.8.1)
    devise (4.7.1)
      bcrypt (~> 3.0)
      orm_adapter (~> 0.1)
      railties (>= 4.1.0)
      responders
      warden (~> 1.2.3)
    encryptor (3.0.0)
    erubi (1.9.0)
    execjs (2.7.0)
    ffi (1.12.2)
    globalid (0.4.2)
      activesupport (>= 4.2.0)
    hashie (4.1.0)
    i18n (1.8.2)
      concurrent-ruby (~> 1.0)
    image_processing (1.11.0)
      mini_magick (>= 4.9.5, < 5)
      ruby-vips (>= 2.0.17, < 3)
    inline_svg (1.7.1)
      activesupport (>= 3.0)
      nokogiri (>= 1.6)
    invisible_captcha (1.0.1)
      rails (>= 4.2)
    jbuilder (2.10.0)
      activesupport (>= 5.0.0)
    jquery-rails (4.4.0)
      rails-dom-testing (>= 1, < 3)
      railties (>= 4.2.0)
      thor (>= 0.14, < 2.0)
    kaminari (1.2.1)
      activesupport (>= 4.1.0)
      kaminari-actionview (= 1.2.1)
      kaminari-activerecord (= 1.2.1)
      kaminari-core (= 1.2.1)
    kaminari-actionview (1.2.1)
      actionview
      kaminari-core (= 1.2.1)
    kaminari-activerecord (1.2.1)
      activerecord
      kaminari-core (= 1.2.1)
    kaminari-core (1.2.1)
    launchy (2.5.0)
      addressable (~> 2.7)
    letter_opener (1.7.0)
      launchy (~> 2.2)
    letter_opener_web (1.4.0)
      actionmailer (>= 3.2)
      letter_opener (~> 1.0)
      railties (>= 3.2)
    listen (3.2.1)
      rb-fsevent (~> 0.10, >= 0.10.3)
      rb-inotify (~> 0.9, >= 0.9.10)
    local_time (2.1.0)
    loofah (2.5.0)
      crass (~> 1.0.2)
      nokogiri (>= 1.5.9)
    mail (2.7.1)
      mini_mime (>= 0.1.1)
    marcel (0.3.3)
      mimemagic (~> 0.3.2)
    method_source (1.0.0)
    mimemagic (0.3.5)
    mini_magick (4.10.1)
    mini_mime (1.0.2)
    mini_portile2 (2.4.0)
    minitest (5.14.1)
    momentjs-rails (2.20.1)
      railties (>= 3.1)
    msgpack (1.3.3)
    name_of_person (1.1.1)
      activesupport (>= 5.2.0)
    nio4r (2.5.2)
    nokogiri (1.10.9)
      mini_portile2 (~> 2.4.0)
    oj (3.10.6)
    orm_adapter (0.5.0)
    pagy (3.8.1)
    parallel (1.19.1)
    parser (2.7.1.3)
      ast (~> 2.4.0)
    pay (2.1.2)
      rails (>= 4.2)
    pdf-core (0.7.0)
    pg (1.2.3)
    pg_search (2.3.2)
      activerecord (>= 5.2)
      activesupport (>= 5.2)
    prawn (2.2.2)
      pdf-core (~> 0.7.0)
      ttfunk (~> 1.5)
    prawn-table (0.2.2)
      prawn (>= 1.3.0, < 3.0.0)
    pry (0.13.1)
      coderay (~> 1.1)
      method_source (~> 1.0)
    pry-rails (0.3.9)
      pry (>= 0.10.4)
    public_suffix (4.0.5)
    puma (4.3.5)
      nio4r (~> 2.0)
    rack (2.2.3)
    rack-proxy (0.6.5)
      rack
    rack-test (1.1.0)
      rack (>= 1.0, < 3)
    rails (6.0.3.1)
      actioncable (= 6.0.3.1)
      actionmailbox (= 6.0.3.1)
      actionmailer (= 6.0.3.1)
      actionpack (= 6.0.3.1)
      actiontext (= 6.0.3.1)
      actionview (= 6.0.3.1)
      activejob (= 6.0.3.1)
      activemodel (= 6.0.3.1)
      activerecord (= 6.0.3.1)
      activestorage (= 6.0.3.1)
      activesupport (= 6.0.3.1)
      bundler (>= 1.3.0)
      railties (= 6.0.3.1)
      sprockets-rails (>= 2.0.0)
    rails-dom-testing (2.0.3)
      activesupport (>= 4.2.0)
      nokogiri (>= 1.6)
    rails-html-sanitizer (1.3.0)
      loofah (~> 2.3)
    railties (6.0.3.1)
      actionpack (= 6.0.3.1)
      activesupport (= 6.0.3.1)
      method_source
      rake (>= 0.8.7)
      thor (>= 0.20.3, < 2.0)
    rainbow (3.0.0)
    rake (13.0.1)
    rb-fsevent (0.10.4)
    rb-inotify (0.10.1)
      ffi (~> 1.0)
    receipts (1.0.0)
      prawn (>= 1.3.0, < 3.0.0)
      prawn-table (~> 0.2.1)
      ttfunk (~> 1.5.1)
    redis (4.1.4)
    regexp_parser (1.7.0)
    request_store (1.5.0)
      rack (>= 1.4)
    responders (3.0.0)
      actionpack (>= 5.0)
      railties (>= 5.0)
    rexml (3.2.4)
    rubocop (0.83.0)
      parallel (~> 1.10)
      parser (>= 2.7.0.1)
      rainbow (>= 2.2.2, < 4.0)
      rexml
      ruby-progressbar (~> 1.7)
      unicode-display_width (>= 1.4.0, < 2.0)
    rubocop-performance (1.5.2)
      rubocop (>= 0.71.0)
    ruby-oembed (0.13.1)
    ruby-progressbar (1.10.1)
    ruby-vips (2.0.17)
      ffi (~> 1.9)
    rubyzip (2.3.0)
    sass-rails (6.0.0)
      sassc-rails (~> 2.1, >= 2.1.1)
    sassc (2.3.0)
      ffi (~> 1.9)
    sassc-rails (2.1.2)
      railties (>= 4.0.0)
      sassc (>= 2.0)
      sprockets (> 3.0)
      sprockets-rails
      tilt
    selectize-rails (0.12.6)
    selenium-webdriver (3.142.7)
      childprocess (>= 0.5, < 4.0)
      rubyzip (>= 1.2.2)
    semantic_range (2.3.0)
    spring (2.1.0)
    spring-watcher-listen (2.0.1)
      listen (>= 2.7, < 4.0)
      spring (>= 1.2, < 3.0)
    sprockets (4.0.0)
      concurrent-ruby (~> 1.0)
      rack (> 1, < 3)
    sprockets-rails (3.2.1)
      actionpack (>= 4.0)
      activesupport (>= 4.0)
      sprockets (>= 3.0.0)
    standard (0.4.6)
      rubocop (~> 0.83.0)
      rubocop-performance (~> 1.5.2)
    strong_migrations (0.6.8)
      activerecord (>= 5)
    thor (1.0.1)
    thread_safe (0.3.6)
    tilt (2.0.10)
    ttfunk (1.5.1)
    turbolinks (5.2.1)
      turbolinks-source (~> 5.2)
    turbolinks-source (5.2.0)
    turbolinks_render (0.9.20)
      rails (>= 5.2.0)
      turbolinks-source (~> 5.1)
    tzinfo (1.2.7)
      thread_safe (~> 0.1)
    unicode-display_width (1.7.0)
    warden (1.2.8)
      rack (>= 2.0.6)
    web-console (4.0.2)
      actionview (>= 6.0.0)
      activemodel (>= 6.0.0)
      bindex (>= 0.4.0)
      railties (>= 6.0.0)
    webdrivers (4.3.0)
      nokogiri (~> 1.6)
      rubyzip (>= 1.3.0)
      selenium-webdriver (>= 3.0, < 4.0)
    webpacker (5.1.1)
      activesupport (>= 5.2)
      rack-proxy (>= 0.6.1)
      railties (>= 5.2)
      semantic_range (>= 2.3.0)
    websocket-driver (0.7.2)
      websocket-extensions (>= 0.1.0)
    websocket-extensions (0.1.4)
    whenever (1.0.0)
      chronic (>= 0.6.3)
    xpath (3.2.0)
      nokogiri (~> 1.8)
    zeitwerk (2.3.0)

PLATFORMS
  ruby

DEPENDENCIES
  acts_as_tenant!
  administrate!
  administrate-field-active_storage (~> 0.3.0)
  annotate
  attr_encrypted (~> 3.1)
  bootsnap (>= 1.4.2)
  brakeman
  bundler-audit!
  byebug
  capybara (>= 2.15)
  devise (>= 4.7.1)
  devise_masquerade!
  image_processing (~> 1.9, >= 1.9.2)
  inline_svg (~> 1.6)
  invisible_captcha (~> 1.0)
  jbuilder (~> 2.5)
  jumpstart!
  letter_opener_web (~> 1.3, >= 1.3.4)
  listen (~> 3.2, >= 3.2.1)
  local_time (~> 2.1)
  name_of_person (~> 1.0)
  nokogiri (>= 1.10.8)
  oj (~> 3.8, >= 3.8.1)
  omniauth!
  pagy (~> 3.7)
  pay (~> 2.1.0)
  pg
  pg_search (~> 2.3)
  pry-rails
  puma (~> 4.3)
  rails (~> 6.0.0)
  receipts (~> 1.0.0)
  redis (~> 4.0)
  ruby-oembed (~> 0.13.0)
  sass-rails (~> 6.0)
  selenium-webdriver
  spring
  spring-watcher-listen (~> 2.0.0)
  standard
  strong_migrations
  turbolinks (~> 5)
  turbolinks_render (~> 0.9.12)
  tzinfo-data
  web-console (>= 3.3.0)
  webdrivers
  webpacker (~> 5.1)
  whenever

RUBY VERSION
   ruby 2.7.0p0

BUNDLED WITH
   2.1.4
